GEM
  remote: https://rubygems.org/
  specs:
    ansi (1.4.3)
    chattyproc (1.0.0)
    coderay (1.1.0)
    method_source (0.8.2)
    minitest (4.7.5)
    pry (0.9.12.4)
      coderay (~> 1.0)
      method_source (~> 0.8)
      slop (~> 3.4)
    rake (10.1.1)
    slop (3.4.7)
    tconsole (1.3.0.pre2)
      chattyproc (~> 1.0.0)
      term-ansicolor (~> 1.0.7)
    term-ansicolor (1.0.7)
    turn (0.9.6)
      ansi

PLATFORMS
  ruby

DEPENDENCIES
  minitest (= 4.7.5)
  pry
  rake
  tconsole (= 1.3.0.pre2)
  turn
